PATH
  remote: .
  specs:
    proxyreverse (0.1.1)
      em-proxy (~> 0.1.8)
      http_parser.rb (~> 0.5.3)

GEM
  remote: http://rubygems.org/
  specs:
    coderay (1.1.3)
    em-proxy (0.1.9)
      eventmachine
    eventmachine (1.2.7)
    http_parser.rb (0.5.3)
    method_source (1.0.0)
    pry (0.14.1)
      coderay (~> 1.1)
      method_source (~> 1.0)
    rake (13.0.3)

PLATFORMS
  arm64-darwin-20

DEPENDENCIES
  bundler (>= 1.0.10)
  proxyreverse!
  pry
  rake (>= 0.8.7)

BUNDLED WITH
   2.2.14
